GEM
  remote: http://rubygems.org/
  specs:
    activesupport (3.2.13)
      i18n (= 0.6.1)
      multi_json (~> 1.0)
    i18n (0.6.1)
    liquid (2.4.1)
    maruku (0.7.2)
    multi_json (1.13.1)

PLATFORMS
  ruby

DEPENDENCIES
  activesupport
  liquid
  maruku
